GEM
  remote: https://rubygems.org/
  specs:
    dota (0.0.21)
      facets (~> 3.0)
      faraday (~> 0.9.1)
      faraday_middleware (~> 0.9.1)
    dotenv (2.2.1)
    equatable (0.5.0)
    facets (3.1.0)
    faraday (0.9.2)
      multipart-post (>= 1.2, < 3)
    faraday_middleware (0.9.2)
      faraday (>= 0.7.4, < 0.10)
    hitimes (1.2.6)
    multipart-post (2.0.0)
    necromancer (0.4.0)
    pastel (0.7.2)
      equatable (~> 0.5.0)
      tty-color (~> 0.4.0)
    timers (4.1.2)
      hitimes
    tty-color (0.4.2)
    tty-cursor (0.5.0)
    tty-prompt (0.13.2)
      necromancer (~> 0.4.0)
      pastel (~> 0.7.0)
      timers (~> 4.1.2)
      tty-cursor (~> 0.5.0)
      tty-reader (~> 0.1.0)
    tty-reader (0.1.0)
      wisper (~> 2.0.0)
    wisper (2.0.0)

PLATFORMS
  ruby

DEPENDENCIES
  dota (~> 0.0.21)
  dotenv
  tty-prompt

BUNDLED WITH
   1.15.4
